GIT
  remote: https://github.com/lyrasis/archivesspace-client
  revision: daad2e494796ce6479b6c2b7c08dcb8d7d5e8a53
  specs:
    archivesspace-client (0.1.7)
      httparty (~> 0.14)
      json (~> 2.0)
      nokogiri (~> 1.10)

GEM
  remote: https://rubygems.org/
  specs:
    httparty (0.18.1)
      mime-types (~> 3.0)
      multi_xml (>= 0.5.2)
    json (2.5.1)
    mime-types (3.3.1)
      mime-types-data (~> 3.2015)
    mime-types-data (3.2021.0225)
    mini_portile2 (2.5.0)
    multi_xml (0.6.0)
    nokogiri (1.11.2)
      mini_portile2 (~> 2.5.0)
      racc (~> 1.4)
    racc (1.5.2)

PLATFORMS
  ruby

DEPENDENCIES
  archivesspace-client!

BUNDLED WITH
   2.1.4
